GEM
  remote: https://rubygems.org/
  specs:
    ruby-terminfo (0.1.1)
    serialport (1.1.0)

PLATFORMS
  ruby

DEPENDENCIES
  ruby-terminfo
  serialport
